GEM
  remote: https://rubygems.org/
  specs:
    actionmailer (4.2.8)
      actionpack (= 4.2.8)
      actionview (= 4.2.8)
      activejob (= 4.2.8)
      mail (~> 2.5, >= 2.5.4)
      rails-dom-testing (~> 1.0, >= 1.0.5)
    actionpack (4.2.8)
      actionview (= 4.2.8)
      activesupport (= 4.2.8)
      rack (~> 1.6)
      rack-test (~> 0.6.2)
      rails-dom-testing (~> 1.0, >= 1.0.5)
      rails-html-sanitizer (~> 1.0, >= 1.0.2)
    actionview (4.2.8)
      activesupport (= 4.2.8)
      builder (~> 3.1)
      erubis (~> 2.7.0)
      rails-dom-testing (~> 1.0, >= 1.0.5)
      rails-html-sanitizer (~> 1.0, >= 1.0.3)
    activejob (4.2.8)
      activesupport (= 4.2.8)
      globalid (>= 0.3.0)
    activemodel (4.2.8)
      activesupport (= 4.2.8)
      builder (~> 3.1)
    activerecord (4.2.8)
      activemodel (= 4.2.8)
      activesupport (= 4.2.8)
      arel (~> 6.0)
    activesupport (4.2.8)
      i18n (~> 0.7)
      minitest (~> 5.1)
      thread_safe (~> 0.3, >= 0.3.4)
      tzinfo (~> 1.1)
    acts_as_list (0.9.19)
      activerecord (>= 3.0)
    airbrussh (1.4.1)
      sshkit (>= 1.6.1, != 1.7.0)
    arel (6.0.4)
    autoprefixer-rails (10.4.7.0)
      execjs (~> 2)
    barby (0.6.8)
    bcrypt (3.1.18)
    bcrypt_pbkdf (1.1.0)
    best_in_place (3.1.1)
      actionpack (>= 3.2)
      railties (>= 3.2)
    binding_of_caller (1.0.0)
      debug_inspector (>= 0.0.1)
    bootstrap (4.3.1)
      autoprefixer-rails (>= 9.1.0)
      popper_js (>= 1.14.3, < 2)
      sassc-rails (>= 2.0.0)
    bootstrap-editable-rails (0.0.9)
      railties (>= 3.1)
      sass-rails
    builder (3.2.4)
    byebug (11.1.3)
    cancancan (3.4.0)
    capistrano (3.17.1)
      airbrussh (>= 1.0.0)
      i18n
      rake (>= 10.0.0)
      sshkit (>= 1.9.0)
    capistrano-bundler (2.1.0)
      capistrano (~> 3.1)
    capistrano-rails (1.6.2)
      capistrano (~> 3.1)
      capistrano-bundler (>= 1.1, < 3)
    capistrano-rails-console (2.3.0)
      capistrano (>= 3.5.0, < 4.0.0)
      sshkit-interactive (~> 0.3.0)
    capistrano-rvm (0.1.2)
      capistrano (~> 3.0)
      sshkit (~> 1.2)
    capistrano3-delayed-job (1.7.6)
      capistrano (~> 3.0, >= 3.0.0)
      daemons (~> 1.3)
    capistrano3-unicorn (0.2.1)
      capistrano (~> 3.1, >= 3.1.0)
    chronic (0.10.2)
    cld (0.11.0)
      ffi
    climate_control (0.2.0)
    cocoon (1.2.15)
    coffee-rails (4.2.2)
      coffee-script (>= 2.2.0)
      railties (>= 4.0.0)
    coffee-script (2.4.1)
      coffee-script-source
      execjs
    coffee-script-source (1.12.2)
    combinatorics (0.4.4)
    combine_pdf (1.0.22)
      matrix
      ruby-rc4 (>= 0.1.5)
    concurrent-ruby (1.1.10)
    connection_pool (2.2.5)
    crass (1.0.6)
    daemons (1.4.1)
    debug_inspector (1.1.0)
    delayed_job (4.1.10)
      activesupport (>= 3.0, < 8.0)
    delayed_job_active_record (4.1.7)
      activerecord (>= 3.0, < 8.0)
      delayed_job (>= 3.0, < 5)
    domain_name (0.5.20190701)
      unf (>= 0.0.5, < 1.0.0)
    ed25519 (1.3.0)
    erubis (2.7.0)
    execjs (2.8.1)
    ffi (1.15.5)
    globalid (0.4.2)
      activesupport (>= 4.2.0)
    http-accept (1.7.0)
    http-cookie (1.0.5)
      domain_name (~> 0.5)
    i18n (0.9.5)
      concurrent-ruby (~> 1.0)
    jbuilder (2.9.1)
      activesupport (>= 4.2.0)
    jquery-fileupload-rails (1.0.0)
      actionpack (>= 3.1)
      railties (>= 3.1)
      sassc
    jquery-rails (4.5.0)
      rails-dom-testing (>= 1, < 3)
      railties (>= 4.2.0)
      thor (>= 0.14, < 2.0)
    jquery-ui-rails (5.0.5)
      railties (>= 3.2.16)
    json (1.8.6)
    kgio (2.11.4)
    loofah (2.18.0)
      crass (~> 1.0.2)
      nokogiri (>= 1.5.9)
    mail (2.7.1)
      mini_mime (>= 0.1.1)
    matrix (0.1.0)
    mechanize (2.7.7)
      domain_name (~> 0.5, >= 0.5.1)
      http-cookie (~> 1.0)
      mime-types (>= 1.17.2)
      net-http-digest_auth (~> 1.1, >= 1.1.1)
      net-http-persistent (>= 2.5.2)
      nokogiri (~> 1.6)
      ntlm-http (~> 0.1, >= 0.1.1)
      webrick (~> 1.7)
      webrobots (>= 0.0.9, < 0.2)
    mime-types (3.4.1)
      mime-types-data (~> 3.2015)
    mime-types-data (3.2022.0105)
    mimemagic (0.3.10)
      nokogiri (~> 1)
      rake
    mini_mime (1.1.2)
    mini_portile2 (2.4.0)
    minitest (5.15.0)
    net-http-digest_auth (1.4.1)
    net-http-persistent (4.0.1)
      connection_pool (~> 2.2)
    net-scp (3.0.0)
      net-ssh (>= 2.6.5, < 7.0.0)
    net-ssh (6.1.0)
    netrc (0.11.0)
    nokogiri (1.10.10)
      mini_portile2 (~> 2.4.0)
    ntlm-http (0.1.1)
    paperclip (6.1.0)
      activemodel (>= 4.2.0)
      activesupport (>= 4.2.0)
      mime-types
      mimemagic (~> 0.3.0)
      terrapin (~> 0.6.0)
    pg (0.21.0)
    pg_array_parser (0.0.9)
    popper_js (1.14.7)
    postgres_ext (3.0.1)
      activerecord (~> 4.0)
      arel (>= 4.0.1)
      pg_array_parser (~> 0.0.9)
    quiet_assets (1.1.0)
      railties (>= 3.1, < 5.0)
    rack (1.6.13)
    rack-test (0.6.3)
      rack (>= 1.0)
    rails (4.2.8)
      actionmailer (= 4.2.8)
      actionpack (= 4.2.8)
      actionview (= 4.2.8)
      activejob (= 4.2.8)
      activemodel (= 4.2.8)
      activerecord (= 4.2.8)
      activesupport (= 4.2.8)
      bundler (>= 1.3.0, < 2.0)
      railties (= 4.2.8)
      sprockets-rails
    rails-deprecated_sanitizer (1.0.4)
      activesupport (>= 4.2.0.alpha)
    rails-dom-testing (1.0.9)
      activesupport (>= 4.2.0, < 5.0)
      nokogiri (~> 1.6)
      rails-deprecated_sanitizer (>= 1.0.1)
    rails-html-sanitizer (1.4.3)
      loofah (~> 2.3)
    rails-jquery-autocomplete (1.0.5)
      rails (>= 3.2)
    railties (4.2.8)
      actionpack (= 4.2.8)
      activesupport (= 4.2.8)
      rake (>= 0.8.7)
      thor (>= 0.18.1, < 2.0)
    raindrops (0.20.0)
    rake (13.0.6)
    ransack (1.8.10)
      actionpack (>= 3.0, < 5.2)
      activerecord (>= 3.0, < 5.2)
      activesupport (>= 3.0, < 5.2)
      i18n
    rb-fsevent (0.11.1)
    rb-inotify (0.10.1)
      ffi (~> 1.0)
    rbnacl (4.0.2)
      ffi
    rbnacl-libsodium (1.0.16)
      rbnacl (>= 3.0.1)
    rdoc (4.3.0)
    rest-client (2.1.0)
      http-accept (>= 1.7.0, < 2.0)
      http-cookie (>= 1.0.2, < 2.0)
      mime-types (>= 1.16, < 4.0)
      netrc (~> 0.8)
    roo (2.8.3)
      nokogiri (~> 1)
      rubyzip (>= 1.3.0, < 3.0.0)
    roo-xls (1.2.0)
      nokogiri
      roo (>= 2.0.0, < 3)
      spreadsheet (> 0.9.0)
    ruby-ole (1.2.12.2)
    ruby-rc4 (0.1.5)
    rubyzip (2.3.2)
    sass (3.7.4)
      sass-listen (~> 4.0.0)
    sass-listen (4.0.0)
      rb-fsevent (~> 0.9, >= 0.9.4)
      rb-inotify (~> 0.9, >= 0.9.7)
    sass-rails (5.0.7)
      railties (>= 4.0.0, < 6)
      sass (~> 3.1)
      sprockets (>= 2.8, < 4.0)
      sprockets-rails (>= 2.0, < 4.0)
      tilt (>= 1.1, < 3)
    sassc (2.4.0)
      ffi (~> 1.9)
    sassc-rails (2.1.2)
      railties (>= 4.0.0)
      sassc (>= 2.0)
      sprockets (> 3.0)
      sprockets-rails
      tilt
    sdoc (0.4.2)
      json (~> 1.7, >= 1.7.7)
      rdoc (~> 4.0)
    simple_form (4.0.0)
      actionpack (> 4)
      activemodel (> 4)
    spreadsheet (1.3.0)
      ruby-ole
    spring (2.1.1)
    sprockets (3.7.2)
      concurrent-ruby (~> 1.0)
      rack (> 1, < 3)
    sprockets-rails (3.2.2)
      actionpack (>= 4.0)
      activesupport (>= 4.0)
      sprockets (>= 3.0.0)
    sshkit (1.21.2)
      net-scp (>= 1.1.2)
      net-ssh (>= 2.8.0)
    sshkit-interactive (0.3.0)
      sshkit (~> 1.12)
    terrapin (0.6.0)
      climate_control (>= 0.0.3, < 1.0)
    thor (1.2.1)
    thread_safe (0.3.6)
    tilt (2.0.11)
    touchpunch-rails (1.0.3)
      railties (>= 3.1)
    tzinfo (1.2.10)
      thread_safe (~> 0.1)
    uglifier (4.2.0)
      execjs (>= 0.3.0, < 3)
    unf (0.1.4)
      unf_ext
    unf_ext (0.0.8.2)
    unicorn (6.1.0)
      kgio (~> 2.6)
      raindrops (~> 0.7)
    web-console (2.3.0)
      activemodel (>= 4.0)
      binding_of_caller (>= 0.7.2)
      railties (>= 4.0)
      sprockets-rails (>= 2.0, < 4.0)
    webrick (1.7.0)
    webrobots (0.1.2)
    whenever (1.0.0)
      chronic (>= 0.6.3)
    wicked_pdf (2.6.3)
      activesupport
    will_paginate (3.0.12)
    wkhtmltopdf-binary (0.12.6.5)
    working_hours (1.4.1)
      activesupport (>= 3.2)
      tzinfo

PLATFORMS
  ruby

DEPENDENCIES
  acts_as_list
  barby
  bcrypt
  bcrypt_pbkdf (< 2.0)
  best_in_place
  bootstrap (~> 4.3.1)
  bootstrap-editable-rails
  byebug
  cancancan
  capistrano-rails
  capistrano-rails-console
  capistrano-rvm
  capistrano3-delayed-job
  capistrano3-unicorn
  cld
  cocoon
  coffee-rails
  combinatorics
  combine_pdf
  daemons
  delayed_job_active_record
  ed25519 (~> 1.2, >= 1.2.4)
  jbuilder (~> 2.0)
  jquery-fileupload-rails
  jquery-rails
  jquery-ui-rails (~> 5.0.5)
  mechanize
  nokogiri
  paperclip
  pg (~> 0.20)
  popper_js (~> 1.14.5)
  postgres_ext
  quiet_assets
  rails (= 4.2.8)
  rails-jquery-autocomplete
  ransack
  rbnacl (< 5.0)
  rbnacl-libsodium
  rest-client
  roo
  roo-xls
  sass-rails (~> 5.0)
  sdoc (~> 0.4.0)
  simple_form
  spreadsheet
  spring
  sprockets-rails
  touchpunch-rails
  uglifier (>= 1.3.0)
  unicorn
  web-console (~> 2.0)
  whenever
  wicked_pdf
  will_paginate (~> 3.0.6)
  wkhtmltopdf-binary
  working_hours

BUNDLED WITH
   1.17.1
